GEM
  remote: https://rubygems.org/
  specs:
    kitchen-ssh (0.0.10)
      minitar (~> 0.5)
    minitar (0.5.4)
    mixlib-install (0.7.1)
    mixlib-shellout (2.2.6)
    net-scp (1.2.1)
      net-ssh (>= 2.6.5)
    net-ssh (3.0.2)
    safe_yaml (1.0.4)
    test-kitchen (1.6.0)
      mixlib-install (~> 0.7)
      mixlib-shellout (>= 1.2, < 3.0)
      net-scp (~> 1.1)
      net-ssh (>= 2.9, < 4.0)
      safe_yaml (~> 1.0)
      thor (~> 0.18)
    thor (0.19.1)

PLATFORMS
  ruby

DEPENDENCIES
  kitchen-ssh
  test-kitchen
